GEM
  remote: https://rubygems.org/
  specs:
    clearbit (0.2.7)
      nestful (~> 1.1.0)
    clearbit-slack (0.2.2)
      clearbit (~> 0.2, >= 0.2.2)
      maccman-mash (~> 0.0, >= 0.0.2)
      slack-notifier (~> 1.5.1, >= 1.5.1)
    daemons (1.2.4)
    eventmachine (1.2.1)
    full-name-splitter (0.1.2)
    maccman-mash (0.0.2)
    nestful (1.1.1)
    rack (1.6.5)
    rack-protection (1.5.3)
      rack
    sinatra (1.4.7)
      rack (~> 1.5)
      rack-protection (~> 1.4)
      tilt (>= 1.3, < 3)
    slack-notifier (1.5.1)
    thin (1.7.0)
      daemons (~> 1.0, >= 1.0.9)
      eventmachine (~> 1.0, >= 1.0.4)
      rack (>= 1, < 3)
    tilt (2.0.5)

PLATFORMS
  ruby

DEPENDENCIES
  clearbit-slack
  full-name-splitter
  sinatra
  thin

RUBY VERSION
   ruby 2.3.1p112

BUNDLED WITH
   1.13.6
