GEM
  remote: https://rubygems.org/
  specs:
    clearbit (0.2.8)
      nestful (~> 1.1.0)
    clearbit-slack (0.2.2)
      clearbit (~> 0.2, >= 0.2.2)
      maccman-mash (~> 0.0, >= 0.0.2)
      slack-notifier (~> 1.5.1, >= 1.5.1)
    daemons (1.2.6)
    eventmachine (1.2.5)
    full-name-splitter (0.1.2)
    maccman-mash (0.0.2)
    mustermann (1.0.2)
    nestful (1.1.3)
    rack (2.0.4)
    rack-protection (2.0.1)
      rack
    sinatra (2.0.1)
      mustermann (~> 1.0)
      rack (~> 2.0)
      rack-protection (= 2.0.1)
      tilt (~> 2.0)
    slack-notifier (1.5.1)
    thin (1.7.2)
      daemons (~> 1.0, >= 1.0.9)
      eventmachine (~> 1.0, >= 1.0.4)
      rack (>= 1, < 3)
    tilt (2.0.8)

PLATFORMS
  ruby

DEPENDENCIES
  clearbit-slack
  full-name-splitter
  sinatra
  thin

RUBY VERSION
   ruby 2.5.0p0

BUNDLED WITH
   1.16.1
